{
	"Modality": "MR",
	"MagneticFieldStrength": 3,
	"ImagingFrequency": 123.256,
	"Manufacturer": "Siemens",
	"ManufacturersModelName": "Prisma_fit",
	"InstitutionName": "GSU_GT_Center_for_Advanced_Brain_Imaging",
	"InstitutionalDepartmentName": "Department",
	"InstitutionAddress": "Marietta_St._831_Atlanta_Southeast_US_30318",
	"DeviceSerialNumber": "167063",
	"StationName": "AWP167063",
	"BodyPartExamined": "BRAIN",
	"PatientPosition": "HFS",
	"ProcedureStepDescription": "Duarte_EMO_DEP",
	"SoftwareVersions": "syngo_MR_E11",
	"MRAcquisitionType": "2D",
	"SeriesDescription": "fMRI_4",
	"ProtocolName": "fMRI_4",
	"ScanningSequence": "EP",
	"SequenceVariant": "SK_SS",
	"ScanOptions": "FS_EXT",
	"SequenceName": "epfid2d1_64",
	"ImageType": ["ORIGINAL", "PRIMARY", "M", "MB", "ND", "MOSAIC"],
	"SeriesNumber": 9,
	"AcquisitionTime": "14:11:14.455000",
	"AcquisitionNumber": 1,
	"ImageComments": "Unaliased_MB2_PE2_SENSE1",
	"SliceThickness": 3.4,
	"SpacingBetweenSlices": 3.4,
	"SAR": 0.119162,
	"EchoTime": 0.03,
	"RepetitionTime": 1.155,
	"FlipAngle": 64,
	"PartialFourier": 1,
	"BaseResolution": 64,
	"ShimSetting": [
		3609,
		-5561,
		-5789,
		359,
		-80,
		65,
		78,
		24	],
	"TxRefAmp": 256.459,
	"PhaseResolution": 1,
	"ReceiveCoilName": "HeadNeck_20",
	"ReceiveCoilActiveElements": "HE1-4;NE1,2",
	"CoilString": "HE1-4;NE1_2",
	"PulseSequenceDetails": "%CustomerSeq%_cmrr_mbep2d_bold",
	"WipMemBlock": "73296f5a-385b-4559-8acb-8319a657dcc2||Sequence: R016 ve11c/master r/e634e98; Dec 19 2017 11:00:25 by eja",
	"ConsistencyInfo": "N4_VE11C_LATEST_20160120",
	"MultibandAccelerationFactor": 2,
	"PercentPhaseFOV": 100,
	"EchoTrainLength": 64,
	"PhaseEncodingSteps": 64,
	"AcquisitionMatrixPE": 64,
	"ReconMatrixPE": 64,
	"BandwidthPerPixelPhaseEncode": 31.888,
	"EffectiveEchoSpacing": 0.000489996,
	"DerivedVendorReportedEchoSpacing": 0.000489996,
	"TotalReadoutTime": 0.0308698,
	"PixelBandwidth": 2440,
	"DwellTime": 3.2e-06,
	"PhaseEncodingDirection": "j-",
	"SliceTiming": [
		0,
		0.5975,
		0.06,
		0.6575,
		0.12,
		0.7175,
		0.18,
		0.7775,
		0.24,
		0.8375,
		0.3,
		0.8975,
		0.36,
		0.9575,
		0.42,
		1.0175,
		0.4775,
		1.075,
		0.5375,
		0,
		0.5975,
		0.06,
		0.6575,
		0.12,
		0.7175,
		0.18,
		0.7775,
		0.24,
		0.8375,
		0.3,
		0.8975,
		0.36,
		0.9575,
		0.42,
		1.0175,
		0.4775,
		1.075,
		0.5375	],
	"ImageOrientationPatientDICOM": [
		1,
		0,
		0,
		0,
		0.931691,
		-0.363251	],
	"InPlanePhaseEncodingDirectionDICOM": "COL",
	"ConversionSoftware": "dcm2niix",
	"ConversionSoftwareVersion": "v1.0.20181125  GCC5.3.1"
}
