{
	"Modality": "MR",
	"MagneticFieldStrength": 3,
	"ImagingFrequency": 123.256,
	"Manufacturer": "Siemens",
	"ManufacturersModelName": "Prisma_fit",
	"InstitutionName": "GSU_GT_Center_for_Advanced_Brain_Imaging",
	"InstitutionalDepartmentName": "Department",
	"InstitutionAddress": "Marietta_St._831_Atlanta_Southeast_US_30318",
	"DeviceSerialNumber": "167063",
	"StationName": "AWP167063",
	"BodyPartExamined": "BRAIN",
	"PatientPosition": "HFS",
	"ProcedureStepDescription": "Duarte_EMO_DEP",
	"SoftwareVersions": "syngo_MR_E11",
	"MRAcquisitionType": "2D",
	"SeriesDescription": "localizer",
	"ProtocolName": "localizer",
	"ScanningSequence": "GR",
	"SequenceVariant": "SP_OSP",
	"SequenceName": "_fl2d1",
	"ImageType": ["ORIGINAL", "PRIMARY", "M", "ND", "NORM"],
	"SeriesNumber": 1,
	"AcquisitionTime": "13:25:56.875000",
	"AcquisitionNumber": 1,
	"SliceThickness": 7,
	"SpacingBetweenSlices": 8.4,
	"SAR": 0.0313845,
	"EchoTime": 0.00369,
	"RepetitionTime": 0.0075,
	"FlipAngle": 20,
	"PartialFourier": 1,
	"Interpolation2D": 1,
	"BaseResolution": 256,
	"ShimSetting": [
		3612,
		-5622,
		-6016,
		40,
		-13,
		2,
		-15,
		3	],
	"TxRefAmp": 256.459,
	"PhaseResolution": 0.91,
	"ReceiveCoilName": "HeadNeck_20",
	"ReceiveCoilActiveElements": "HE1-4",
	"PulseSequenceDetails": "%SiemensSeq%_gre",
	"ConsistencyInfo": "N4_VE11C_LATEST_20160120",
	"PercentPhaseFOV": 100,
	"PhaseEncodingSteps": 233,
	"AcquisitionMatrixPE": 233,
	"ReconMatrixPE": 512,
	"PixelBandwidth": 320,
	"DwellTime": 6.1e-06,
	"PhaseEncodingDirection": "i",
	"ImageOrientationPatientDICOM": [
		0,
		1,
		0,
		0,
		0,
		-1	],
	"InPlanePhaseEncodingDirectionDICOM": "ROW",
	"ConversionSoftware": "dcm2niix",
	"ConversionSoftwareVersion": "v1.0.20181125  GCC5.3.1"
}
