{
	"Modality": "MR",
	"MagneticFieldStrength": 3,
	"ImagingFrequency": 123.256,
	"Manufacturer": "Siemens",
	"ManufacturersModelName": "Prisma_fit",
	"InstitutionName": "GSU_GT_Center_for_Advanced_Brain_Imaging",
	"InstitutionalDepartmentName": "Department",
	"InstitutionAddress": "Marietta_St._831_Atlanta_Southeast_US_30318",
	"DeviceSerialNumber": "167063",
	"StationName": "AWP167063",
	"BodyPartExamined": "BRAIN",
	"PatientPosition": "HFS",
	"ProcedureStepDescription": "Duarte_EMO_DEP",
	"SoftwareVersions": "syngo_MR_E11",
	"MRAcquisitionType": "2D",
	"SeriesDescription": "fMRI_5",
	"ProtocolName": "fMRI_5",
	"ScanningSequence": "EP",
	"SequenceVariant": "SK_SS",
	"ScanOptions": "FS_EXT",
	"SequenceName": "epfid2d1_64",
	"ImageType": ["ORIGINAL", "PRIMARY", "M", "MB", "ND", "MOSAIC"],
	"SeriesNumber": 10,
	"AcquisitionTime": "14:23:42.760000",
	"AcquisitionNumber": 1,
	"ImageComments": "Unaliased_MB2_PE2_SENSE1",
	"SliceThickness": 3.4,
	"SpacingBetweenSlices": 3.4,
	"SAR": 0.119162,
	"EchoTime": 0.03,
	"RepetitionTime": 1.155,
	"FlipAngle": 64,
	"PartialFourier": 1,
	"BaseResolution": 64,
	"ShimSetting": [
		3609,
		-5561,
		-5789,
		359,
		-80,
		65,
		78,
		24	],
	"TxRefAmp": 256.459,
	"PhaseResolution": 1,
	"ReceiveCoilName": "HeadNeck_20",
	"ReceiveCoilActiveElements": "HE1-4;NE1,2",
	"CoilString": "HE1-4;NE1_2",
	"PulseSequenceDetails": "%CustomerSeq%_cmrr_mbep2d_bold",
	"WipMemBlock": "41c24f5b-bff3-4e71-ab98-1c7aaafb0e92||Sequence: R016 ve11c/master r/e634e98; Dec 19 2017 11:00:25 by eja",
	"ConsistencyInfo": "N4_VE11C_LATEST_20160120",
	"MultibandAccelerationFactor": 2,
	"PercentPhaseFOV": 100,
	"EchoTrainLength": 64,
	"PhaseEncodingSteps": 64,
	"AcquisitionMatrixPE": 64,
	"ReconMatrixPE": 64,
	"BandwidthPerPixelPhaseEncode": 31.888,
	"EffectiveEchoSpacing": 0.000489996,
	"DerivedVendorReportedEchoSpacing": 0.000489996,
	"TotalReadoutTime": 0.0308698,
	"PixelBandwidth": 2440,
	"DwellTime": 3.2e-06,
	"PhaseEncodingDirection": "j-",
	"SliceTiming": [
		0,
		0.5975,
		0.06,
		0.655,
		0.1175,
		0.715,
		0.1775,
		0.775,
		0.2375,
		0.835,
		0.2975,
		0.895,
		0.3575,
		0.955,
		0.4175,
		1.015,
		0.4775,
		1.075,
		0.5375,
		0,
		0.5975,
		0.06,
		0.655,
		0.1175,
		0.715,
		0.1775,
		0.775,
		0.2375,
		0.835,
		0.2975,
		0.895,
		0.3575,
		0.955,
		0.4175,
		1.015,
		0.4775,
		1.075,
		0.5375	],
	"ImageOrientationPatientDICOM": [
		1,
		0,
		0,
		0,
		0.931691,
		-0.363251	],
	"InPlanePhaseEncodingDirectionDICOM": "COL",
	"ConversionSoftware": "dcm2niix",
	"ConversionSoftwareVersion": "v1.0.20181125  GCC5.3.1"
}
