{
	"Modality": "MR",
	"MagneticFieldStrength": 3,
	"ImagingFrequency": 123.256,
	"Manufacturer": "Siemens",
	"ManufacturersModelName": "Prisma_fit",
	"InstitutionName": "GSU_GT_Center_for_Advanced_Brain_Imaging",
	"InstitutionalDepartmentName": "Department",
	"InstitutionAddress": "Marietta_St._831_Atlanta_Southeast_US_30318",
	"DeviceSerialNumber": "167063",
	"StationName": "AWP167063",
	"BodyPartExamined": "BRAIN",
	"PatientPosition": "HFS",
	"ProcedureStepDescription": "Duarte_EMO_DEP",
	"SoftwareVersions": "syngo_MR_E11",
	"MRAcquisitionType": "2D",
	"SeriesDescription": "fMRI_1",
	"ProtocolName": "fMRI_1",
	"ScanningSequence": "EP",
	"SequenceVariant": "SK_SS",
	"ScanOptions": "FS_EXT",
	"SequenceName": "epfid2d1_64",
	"ImageType": ["ORIGINAL", "PRIMARY", "M", "MB", "ND", "MOSAIC"],
	"SeriesNumber": 6,
	"AcquisitionTime": "13:36:27.745000",
	"AcquisitionNumber": 1,
	"ImageComments": "Unaliased_MB2_PE2_SENSE1",
	"SliceThickness": 3.4,
	"SpacingBetweenSlices": 3.4,
	"SAR": 0.112738,
	"EchoTime": 0.03,
	"RepetitionTime": 1.155,
	"FlipAngle": 64,
	"PartialFourier": 1,
	"BaseResolution": 64,
	"ShimSetting": [
		3608,
		-5559,
		-5789,
		351,
		-81,
		82,
		96,
		27	],
	"TxRefAmp": 256.459,
	"PhaseResolution": 1,
	"ReceiveCoilName": "HeadNeck_20",
	"ReceiveCoilActiveElements": "HE1-4;NE1,2",
	"CoilString": "HE1-4;NE1_2",
	"PulseSequenceDetails": "%CustomerSeq%_cmrr_mbep2d_bold",
	"WipMemBlock": "8433a4ef-1f58-440b-b47a-291ec5912b39||Sequence: R016 ve11c/master r/e634e98; Dec 19 2017 11:00:25 by eja",
	"ConsistencyInfo": "N4_VE11C_LATEST_20160120",
	"MultibandAccelerationFactor": 2,
	"PercentPhaseFOV": 100,
	"EchoTrainLength": 64,
	"PhaseEncodingSteps": 64,
	"AcquisitionMatrixPE": 64,
	"ReconMatrixPE": 64,
	"BandwidthPerPixelPhaseEncode": 31.888,
	"EffectiveEchoSpacing": 0.000489996,
	"DerivedVendorReportedEchoSpacing": 0.000489996,
	"TotalReadoutTime": 0.0308698,
	"PixelBandwidth": 2440,
	"DwellTime": 3.2e-06,
	"PhaseEncodingDirection": "j-",
	"SliceTiming": [
		0,
		0.82,
		0.505,
		0.1875,
		1.0075,
		0.6925,
		0.3775,
		0.0625,
		0.8825,
		0.5675,
		0.2525,
		1.07,
		0.755,
		0.44,
		0.125,
		0.945,
		0.63,
		0.315,
		0,
		0.82,
		0.505,
		0.1875,
		1.0075,
		0.6925,
		0.3775,
		0.0625,
		0.8825,
		0.5675,
		0.2525,
		1.07,
		0.755,
		0.44,
		0.125,
		0.945,
		0.63,
		0.315	],
	"ImageOrientationPatientDICOM": [
		1,
		0,
		0,
		0,
		0.931691,
		-0.363251	],
	"InPlanePhaseEncodingDirectionDICOM": "COL",
	"ConversionSoftware": "dcm2niix",
	"ConversionSoftwareVersion": "v1.0.20181125  GCC5.3.1"
}
